GEM
  remote: https://rubygems.org/
  specs:
    pg (0.21.0)
    rack (2.0.3)
    rack-protection (2.0.0)
      rack
    rack_csrf (2.6.0)
      rack (>= 1.1.0)
    roda (2.29.0)
      rack
    sequel (4.49.0)
    sequel_pg (1.7.1)
      pg (>= 0.8.0)
      sequel (>= 4.0.0)
    slim (3.0.8)
      temple (>= 0.7.6, < 0.9)
      tilt (>= 1.3.3, < 2.1)
    temple (0.8.0)
    tilt (2.0.8)

PLATFORMS
  ruby

DEPENDENCIES
  rack-protection
  rack_csrf
  roda (= 2.29.0)
  sequel (= 4.49.0)
  sequel_pg
  slim

BUNDLED WITH
   1.15.4
