GEM
  remote: https://rubygems.org/
  specs:
    pg (0.21.0)
    puma (3.10.0)
    rack (2.0.3)
    rack-protection (2.0.0)
      rack
    rack_csrf (2.6.0)
      rack (>= 1.1.0)
    refrigerator (1.0.0)
    roda (3.1.0)
      rack
    sequel (5.1.0)
    sequel_pg (1.7.1)
      pg (>= 0.8.0)
      sequel (>= 4.0.0)

PLATFORMS
  ruby

DEPENDENCIES
  puma
  rack-protection
  rack_csrf
  refrigerator
  roda
  sequel
  sequel_pg

BUNDLED WITH
   1.15.4
